PATH
  remote: .
  specs:
    pgm (0.0.1)
      ffi (~> 1.11)

GEM
  remote: https://rubygems.org/
  specs:
    ffi (1.11.1)
    rake (12.3.3)

PLATFORMS
  ruby

DEPENDENCIES
  bundler (~> 2.0)
  pgm!
  rake (~> 12.3)

BUNDLED WITH
   2.0.2
