PATH
  remote: .
  specs:
    pgm (0.0.1)
      ffi (~> 1.15.0)

GEM
  remote: https://rubygems.org/
  specs:
    ffi (1.15.0)
    rake (13.0.3)

PLATFORMS
  ruby

DEPENDENCIES
  bundler (~> 2.2.15)
  pgm!
  rake (~> 13.0.3)

BUNDLED WITH
   2.2.15
